PATH
  remote: .
  specs:
    sniffles (0.1.1)
      nokogiri (~> 1.5.0)

GEM
  remote: https://rubygems.org/
  specs:
    diff-lcs (1.1.3)
    ffi (1.0.11)
    growl (1.0.3)
    guard (1.0.0)
      ffi (>= 0.5.0)
      thor (~> 0.14.6)
    guard-rspec (0.6.0)
      guard (>= 0.10.0)
    mime-types (1.17.2)
    nokogiri (1.5.0)
    rake (0.9.2.2)
    rspec (2.8.0)
      rspec-core (~> 2.8.0)
      rspec-expectations (~> 2.8.0)
      rspec-mocks (~> 2.8.0)
    rspec-core (2.8.0)
    rspec-expectations (2.8.0)
      diff-lcs (~> 1.1.2)
    rspec-mocks (2.8.0)
    thor (0.14.6)
    typhoeus (0.3.3)
      mime-types
    vcr (2.0.0)

PLATFORMS
  ruby

DEPENDENCIES
  growl
  guard-rspec
  rake
  rspec (~> 2.8.0)
  sniffles!
  typhoeus (~> 0.3.3)
  vcr (~> 2.0.0)
